PATH
  remote: core
  specs:
    suitor (0.0.2)
      dotenv (~> 0.11)
      googl (~> 0.6)
      redditkit (~> 1.0)
      twilio-ruby (~> 3.12)

GEM
  remote: https://rubygems.org/
  specs:
    backports (3.6.0)
    builder (3.2.2)
    coderay (1.1.0)
    diff-lcs (1.2.5)
    dotenv (0.11.1)
      dotenv-deployment (~> 0.0.2)
    dotenv-deployment (0.0.2)
    faraday (0.9.0)
      multipart-post (>= 1.2, < 3)
    googl (0.6.3)
      httparty (~> 0.10.0)
      json (>= 1.4.6)
    haml (4.0.5)
      tilt
    htmlentities (4.3.2)
    httparty (0.10.2)
      multi_json (~> 1.0)
      multi_xml (>= 0.5.2)
    json (1.8.1)
    jwt (1.0.0)
    kgio (2.9.2)
    method_source (0.8.2)
    multi_json (1.10.1)
    multi_xml (0.5.5)
    multipart-post (2.0.0)
    pry (0.9.12.6)
      coderay (~> 1.0)
      method_source (~> 0.8)
      slop (~> 3.4)
    rack (1.5.2)
    rack-livereload (0.3.15)
      rack
    rack-protection (1.5.3)
      rack
    rack-test (0.6.2)
      rack (>= 1.0)
    raindrops (0.13.0)
    redditkit (1.0.1)
      faraday (~> 0.8)
      htmlentities (~> 4.3)
      multi_json (~> 1.8)
    rspec (3.0.0)
      rspec-core (~> 3.0.0)
      rspec-expectations (~> 3.0.0)
      rspec-mocks (~> 3.0.0)
    rspec-core (3.0.4)
      rspec-support (~> 3.0.0)
    rspec-expectations (3.0.4)
      diff-lcs (>= 1.2.0, < 2.0)
      rspec-support (~> 3.0.0)
    rspec-mocks (3.0.4)
      rspec-support (~> 3.0.0)
    rspec-support (3.0.4)
    sinatra (1.4.5)
      rack (~> 1.4)
      rack-protection (~> 1.4)
      tilt (~> 1.3, >= 1.3.4)
    sinatra-contrib (1.4.2)
      backports (>= 2.0)
      multi_json
      rack-protection
      rack-test
      sinatra (~> 1.4.0)
      tilt (~> 1.3)
    slop (3.5.0)
    tilt (1.4.1)
    twilio-ruby (3.12.2)
      builder (>= 2.1.2)
      jwt (~> 1.0.0)
      multi_json (>= 1.3.0)
    unicorn (4.8.3)
      kgio (~> 2.6)
      rack
      raindrops (~> 0.7)

PLATFORMS
  ruby

DEPENDENCIES
  haml (~> 4)
  pry
  rack-livereload
  rack-test
  rspec (~> 3.0)
  sinatra (~> 1.4)
  sinatra-contrib (~> 1.4)
  suitor!
  unicorn
